PATH
  remote: .
  specs:
    xcknife (0.12.0)

GEM
  remote: https://rubygems.org/
  specs:
    ast (2.4.1)
    debase (0.2.4.1)
      debase-ruby_core_source (>= 0.10.2)
    debase-ruby_core_source (0.10.9)
    diff-lcs (1.3)
    parallel (1.19.2)
    parser (2.7.1.4)
      ast (~> 2.4.1)
    rainbow (3.0.0)
    rake (13.0.1)
    regexp_parser (1.7.1)
    rexml (3.2.4)
    rspec (3.9.0)
      rspec-core (~> 3.9.0)
      rspec-expectations (~> 3.9.0)
      rspec-mocks (~> 3.9.0)
    rspec-core (3.9.2)
      rspec-support (~> 3.9.3)
    rspec-expectations (3.9.2)
      diff-lcs (>= 1.2.0, < 2.0)
      rspec-support (~> 3.9.0)
    rspec-mocks (3.9.1)
      diff-lcs (>= 1.2.0, < 2.0)
      rspec-support (~> 3.9.0)
    rspec-support (3.9.3)
    rubocop (0.89.1)
      parallel (~> 1.10)
      parser (>= 2.7.1.1)
      rainbow (>= 2.2.2, < 4.0)
      regexp_parser (>= 1.7)
      rexml
      rubocop-ast (>= 0.3.0, < 1.0)
      ruby-progressbar (~> 1.7)
      unicode-display_width (>= 1.4.0, < 2.0)
    rubocop-ast (0.3.0)
      parser (>= 2.7.1.4)
    ruby-debug-ide (0.7.2)
      rake (>= 0.8.1)
    ruby-progressbar (1.10.1)
    unicode-display_width (1.7.0)

PLATFORMS
  ruby

DEPENDENCIES
  bundler (~> 1.12)
  debase
  rake (~> 13.0.1)
  rspec (~> 3.9.0)
  rubocop (~> 0.88)
  ruby-debug-ide (~> 0.7.2)
  xcknife!

BUNDLED WITH
   1.17.3
